GEM
  remote: https://rubygems.org/
  specs:
    actioncable (7.1.3)
      actionpack (= 7.1.3)
      activesupport (= 7.1.3)
      nio4r (~> 2.0)
      websocket-driver (>= 0.6.1)
      zeitwerk (~> 2.6)
    actionmailbox (7.1.3)
      actionpack (= 7.1.3)
      activejob (= 7.1.3)
      activerecord (= 7.1.3)
      activestorage (= 7.1.3)
      activesupport (= 7.1.3)
      mail (>= 2.7.1)
      net-imap
      net-pop
      net-smtp
    actionmailer (7.1.3)
      actionpack (= 7.1.3)
      actionview (= 7.1.3)
      activejob (= 7.1.3)
      activesupport (= 7.1.3)
      mail (~> 2.5, >= 2.5.4)
      net-imap
      net-pop
      net-smtp
      rails-dom-testing (~> 2.2)
    actionpack (7.1.3)
      actionview (= 7.1.3)
      activesupport (= 7.1.3)
      nokogiri (>= 1.8.5)
      racc
      rack (>= 2.2.4)
      rack-session (>= 1.0.1)
      rack-test (>= 0.6.3)
      rails-dom-testing (~> 2.2)
      rails-html-sanitizer (~> 1.6)
    actiontext (7.1.3)
      actionpack (= 7.1.3)
      activerecord (= 7.1.3)
      activestorage (= 7.1.3)
      activesupport (= 7.1.3)
      globalid (>= 0.6.0)
      nokogiri (>= 1.8.5)
    actionview (7.1.3)
      activesupport (= 7.1.3)
      builder (~> 3.1)
      erubi (~> 1.11)
      rails-dom-testing (~> 2.2)
      rails-html-sanitizer (~> 1.6)
    activejob (7.1.3)
      activesupport (= 7.1.3)
      globalid (>= 0.3.6)
    activemodel (7.1.3)
      activesupport (= 7.1.3)
    activerecord (7.1.3)
      activemodel (= 7.1.3)
      activesupport (= 7.1.3)
      timeout (>= 0.4.0)
    activestorage (7.1.3)
      actionpack (= 7.1.3)
      activejob (= 7.1.3)
      activerecord (= 7.1.3)
      activesupport (= 7.1.3)
      marcel (~> 1.0)
    activesupport (7.1.3)
      base64
      bigdecimal
      concurrent-ruby (~> 1.0, >= 1.0.2)
      connection_pool (>= 2.2.5)
      drb
      i18n (>= 1.6, < 2)
      minitest (>= 5.1)
      mutex_m
      tzinfo (~> 2.0)
    base64 (0.1.1)
    bigdecimal (3.1.6)
    builder (3.2.4)
    concurrent-ruby (1.2.3)
    connection_pool (2.4.1)
    crass (1.0.6)
    date (3.3.4)
    diff-lcs (1.5.0)
    drb (2.2.0)
      ruby2_keywords
    erubi (1.12.0)
    ffi (1.16.3)
    foundation-rails (5.4.5.0)
      railties (>= 3.1.0)
      sass (>= 3.2.0)
    globalid (1.2.1)
      activesupport (>= 6.1)
    graphql (2.0.28)
    i18n (1.14.1)
      concurrent-ruby (~> 1.0)
    io-console (0.7.2)
    irb (1.11.1)
      rdoc
      reline (>= 0.4.2)
    karafka (2.3.0)
      karafka-core (>= 2.3.0, < 2.4.0)
      waterdrop (>= 2.6.12, < 3.0.0)
      zeitwerk (~> 2.3)
    karafka-core (2.3.0)
      karafka-rdkafka (>= 0.14.8, < 0.15.0)
    karafka-rdkafka (0.14.9)
      ffi (~> 1.15)
      mini_portile2 (~> 2.6)
      rake (> 12)
    karafka-testing (2.3.0)
      karafka (>= 2.3.0, < 2.4.0)
      waterdrop (>= 2.6.12)
    loofah (2.22.0)
      crass (~> 1.0.2)
      nokogiri (>= 1.12.0)
    mail (2.8.1)
      mini_mime (>= 0.1.1)
      net-imap
      net-pop
      net-smtp
    marcel (1.0.2)
    mini_mime (1.1.5)
    mini_portile2 (2.8.5)
    minitest (5.21.2)
    mutex_m (0.2.0)
    net-imap (0.4.9.1)
      date
      net-protocol
    net-pop (0.1.2)
      net-protocol
    net-protocol (0.2.2)
      timeout
    net-smtp (0.4.0.1)
      net-protocol
    nio4r (2.7.0)
    nokogiri (1.16.0-arm64-darwin)
      racc (~> 1.4)
    nokogiri (1.16.0-x86_64-darwin)
      racc (~> 1.4)
    nokogiri (1.16.0-x86_64-linux)
      racc (~> 1.4)
    psych (3.3.4)
    racc (1.7.3)
    rack (2.2.8)
    rack-session (1.0.2)
      rack (< 3)
    rack-test (2.1.0)
      rack (>= 1.3)
    rackup (1.0.0)
      rack (< 3)
      webrick
    rails (7.1.3)
      actioncable (= 7.1.3)
      actionmailbox (= 7.1.3)
      actionmailer (= 7.1.3)
      actionpack (= 7.1.3)
      actiontext (= 7.1.3)
      actionview (= 7.1.3)
      activejob (= 7.1.3)
      activemodel (= 7.1.3)
      activerecord (= 7.1.3)
      activestorage (= 7.1.3)
      activesupport (= 7.1.3)
      bundler (>= 1.15.0)
      railties (= 7.1.3)
    rails-dom-testing (2.2.0)
      activesupport (>= 5.0.0)
      minitest
      nokogiri (>= 1.6)
    rails-html-sanitizer (1.6.0)
      loofah (~> 2.21)
      nokogiri (~> 1.14)
    railties (7.1.3)
      actionpack (= 7.1.3)
      activesupport (= 7.1.3)
      irb
      rackup (>= 1.0.0)
      rake (>= 12.2)
      thor (~> 1.0, >= 1.2.2)
      zeitwerk (~> 2.6)
    rake (13.1.0)
    rb-fsevent (0.11.2)
    rb-inotify (0.10.1)
      ffi (~> 1.0)
    rdoc (6.3.3)
    reline (0.4.2)
      io-console (~> 0.5)
    rspec-core (3.12.2)
      rspec-support (~> 3.12.0)
    rspec-expectations (3.12.3)
      diff-lcs (>= 1.2.0, < 2.0)
      rspec-support (~> 3.12.0)
    rspec-mocks (3.12.6)
      diff-lcs (>= 1.2.0, < 2.0)
      rspec-support (~> 3.12.0)
    rspec-rails (6.1.0)
      actionpack (>= 6.1)
      activesupport (>= 6.1)
      railties (>= 6.1)
      rspec-core (~> 3.12)
      rspec-expectations (~> 3.12)
      rspec-mocks (~> 3.12)
      rspec-support (~> 3.12)
    rspec-support (3.12.1)
    ruby2_keywords (0.0.5)
    sass (3.7.4)
      sass-listen (~> 4.0.0)
    sass-listen (4.0.0)
      rb-fsevent (~> 0.9, >= 0.9.4)
      rb-inotify (~> 0.9, >= 0.9.7)
    thor (1.3.0)
    timeout (0.4.1)
    tzinfo (2.0.6)
      concurrent-ruby (~> 1.0)
    waterdrop (2.6.13)
      karafka-core (>= 2.2.3, < 3.0.0)
      zeitwerk (~> 2.3)
    webrick (1.8.1)
    websocket-driver (0.7.6)
      websocket-extensions (>= 0.1.0)
    websocket-extensions (0.1.5)
    wicked_pdf (1.4.0)
      activesupport
    zeitwerk (2.6.12)

PLATFORMS
  arm64-darwin-20
  arm64-darwin-21
  arm64-darwin-22
  arm64-darwin-23
  x86_64-darwin-20
  x86_64-darwin-21
  x86_64-darwin-22
  x86_64-linux

DEPENDENCIES
  diff-lcs
  foundation-rails (= 5.4.5.0)
  graphql (~> 2.0.28)
  karafka
  karafka-testing
  psych (~> 3.3.4)
  rails (~> 7.1.3)
  rspec-rails
  wicked_pdf (~> 1.4.0)

RUBY VERSION
   ruby 3.2.2p53

BUNDLED WITH
   2.5.4
